GEM
  remote: https://rubygems.org/
  specs:
    activesupport (4.1.0)
      i18n (~> 0.6, >= 0.6.9)
      json (~> 1.7, >= 1.7.7)
      minitest (~> 5.1)
      thread_safe (~> 0.1)
      tzinfo (~> 1.1)
    i18n (0.6.9)
    json (1.8.1)
    logger-colors (1.0.0)
    minitest (5.3.3)
    natural_time (0.2.1)
      activesupport
    thread_safe (0.3.3)
    timer (0.2)
      activesupport
      natural_time
    tzinfo (1.1.0)
      thread_safe (~> 0.1)

PLATFORMS
  ruby

DEPENDENCIES
  logger-colors
  timer
